NUGET
  remote: https://www.nuget.org/api/v2
  specs:
    FSharp.Control.AsyncSeq (2.0.8)
    FSharp.Core (4.0.0.1)
    FsPickler (2.1)
    Hopac (0.1.3)
      FSharp.Core (>= 3.1.2.5)
    Newtonsoft.Json (8.0.3)
