NUGET
  remote: https://www.nuget.org/api/v2
  specs:
    FsPickler (2.1)
    Newtonsoft.Json (8.0.3)
